GEM
  remote: https://rubygems.org/
  specs:
    builder (3.2.3)
    httparty (0.15.5)
      multi_xml (>= 0.5.2)
    jwt (1.5.6)
    little-plugger (1.1.4)
    logging (2.2.2)
      little-plugger (~> 1.1)
      multi_json (~> 1.10)
    multi_json (1.12.1)
    multi_xml (0.6.0)
    mustermann (1.0.0)
    rack (2.0.3)
    rack-protection (2.0.0)
      rack
    sinatra (2.0.0)
      mustermann (~> 1.0)
      rack (~> 2.0)
      rack-protection (= 2.0.0)
      tilt (~> 2.0)
    tilt (2.0.7)
    twilio-ruby (4.11.1)
      builder (>= 2.1.2)
      jwt (~> 1.0)
      multi_json (>= 1.3.0)
    wikipedia-client (1.6.3)

PLATFORMS
  ruby

DEPENDENCIES
  httparty
  logging
  sinatra
  twilio-ruby (~> 4.11.1)
  wikipedia-client

RUBY VERSION
   ruby 2.3.0p0

BUNDLED WITH
   1.15.0
