GEM
  remote: https://rubygems.org/
  specs:
    builder (3.2.3)
    faraday (0.9.2)
      multipart-post (>= 1.2, < 3)
    httparty (0.15.5)
      multi_xml (>= 0.5.2)
    jwt (1.5.6)
    little-plugger (1.1.4)
    logging (2.2.2)
      little-plugger (~> 1.1)
      multi_json (~> 1.10)
    mime-types (3.1)
      mime-types-data (~> 3.2015)
    mime-types-data (3.2016.0521)
    multi_json (1.12.1)
    multi_xml (0.6.0)
    multipart-post (2.0.0)
    mustermann (1.0.2)
    rack (2.0.7)
    rack-protection (2.0.1)
      rack
    sinatra (2.0.1)
      mustermann (~> 1.0)
      rack (~> 2.0)
      rack-protection (= 2.0.1)
      tilt (~> 2.0)
    tilt (2.0.8)
    twilio-ruby (4.11.1)
      builder (>= 2.1.2)
      jwt (~> 1.0)
      multi_json (>= 1.3.0)
    washbullet (0.4.0)
      faraday (~> 0.9.0)
      mime-types
    wikipedia-client (1.6.3)

PLATFORMS
  ruby

DEPENDENCIES
  httparty
  logging
  sinatra (~> 2.0.1)
  twilio-ruby (~> 4.11.1)
  washbullet
  wikipedia-client

RUBY VERSION
   ruby 2.3.0p0

BUNDLED WITH
   1.15.1
